PATH
  remote: .
  specs:
    rev-api (1.0.0)
      httparty (>= 0.11.0)

GEM
  remote: https://rubygems.org/
  specs:
    addressable (2.3.5)
    ansi (1.4.3)
    crack (0.4.1)
      safe_yaml (~> 0.9.0)
    httparty (0.11.0)
      multi_json (~> 1.0)
      multi_xml (>= 0.5.2)
    multi_json (1.8.0)
    multi_xml (0.5.5)
    rake (10.1.0)
    redcarpet (3.0.0)
    rubygems-tasks (0.2.4)
    safe_yaml (0.9.5)
    turn (0.9.6)
      ansi
    vcr (2.5.0)
    webmock (1.11.0)
      addressable (>= 2.2.7)
      crack (>= 0.3.2)
    yard (0.8.7)

PLATFORMS
  ruby

DEPENDENCIES
  rake (>= 10.1.0)
  redcarpet
  rev-api!
  rubygems-tasks
  turn (~> 0.9.6)
  vcr (~> 2.5.0)
  webmock (~> 1.11.0)
  yard
